GIT
  remote: git@github.com:Deliverous/rake-docker.git
  revision: 2600aa42a87080b01891ef37b01cffccd8d99122
  specs:
    rake-docker (0.0.1)
      rake

GEM
  remote: https://rubygems.org/
  specs:
    rake (10.3.2)

PLATFORMS
  ruby

DEPENDENCIES
  rake
  rake-docker!
